GEM
  remote: https://rubygems.org/
  specs:
    cheatset (1.2.19)
      haml
      plist
      redcarpet
      rouge
      sanitize
      sqlite3
      thor
      unindent
    crass (0.2.1)
    haml (4.0.6)
      tilt
    mini_portile (0.6.1)
    nokogiri (1.6.5)
      mini_portile (~> 0.6.0)
    nokogumbo (1.1.12)
      nokogiri
    plist (3.1.0)
    redcarpet (3.2.2)
    rouge (1.7.4)
    sanitize (3.0.4)
      crass (~> 0.2.0)
      nokogiri (>= 1.4.4)
      nokogumbo (= 1.1.12)
    sqlite3 (1.3.10)
    thor (0.19.1)
    tilt (2.0.1)
    unindent (1.0)

PLATFORMS
  ruby

DEPENDENCIES
  cheatset (= 1.2.19)
